GEM
  remote: http://rubygems.org/
  specs:
    dalli (2.6.4)
    haml (3.1.6)
    json (1.7.3)
    kgio (2.8.1)
    maruku (0.6.0)
      syntax (>= 1.0.0)
    memcachier (0.0.2)
    mime-types (2.0)
    nokogiri (1.5.4)
    rack (1.5.2)
    rack-protection (1.5.1)
      rack
    raindrops (0.12.0)
    rest-client (1.6.7)
      mime-types (>= 1.16)
    sinatra (1.3.2)
      rack (~> 1.3, >= 1.3.6)
      rack-protection (~> 1.2)
      tilt (~> 1.3, >= 1.3.3)
    syntax (1.0.0)
    tilt (1.4.1)
    unicorn (4.7.0)
      kgio (~> 2.6)
      rack
      raindrops (~> 0.7)

PLATFORMS
  ruby

DEPENDENCIES
  dalli (~> 2.6.4)
  haml (= 3.1.6)
  jruby-openssl
  json (= 1.7.3)
  maruku (= 0.6.0)
  memcachier (~> 0.0.2)
  nokogiri (= 1.5.4)
  rest-client (= 1.6.7)
  sinatra (= 1.3.2)
  torquebox-cache
  unicorn
