GEM
  remote: http://rubygems.org/
  specs:
    dalli (1.0.2)
    haml (3.0.25)
    json (1.5.1)
    maruku (0.6.0)
      syntax (>= 1.0.0)
    mime-types (1.16)
    nokogiri (1.4.4)
    rack (1.2.1)
    rest-client (1.6.1)
      mime-types (>= 1.16)
    sinatra (1.1.2)
      rack (~> 1.1)
      tilt (~> 1.2)
    syntax (1.0.0)
    tilt (1.2.2)

PLATFORMS
  ruby

DEPENDENCIES
  dalli
  haml
  json
  maruku
  nokogiri
  rest-client
  sinatra
