GEM
  remote: http://rubygems.org/
  specs:
    dalli (2.0.5)
    haml (3.1.6)
    json (1.7.3)
    maruku (0.6.0)
      syntax (>= 1.0.0)
    mime-types (1.18)
    nokogiri (1.5.4)
    rack (1.4.1)
    rack-protection (1.2.0)
      rack
    rest-client (1.6.7)
      mime-types (>= 1.16)
    sinatra (1.3.2)
      rack (~> 1.3, >= 1.3.6)
      rack-protection (~> 1.2)
      tilt (~> 1.3, >= 1.3.3)
    syntax (1.0.0)
    tilt (1.3.3)

PLATFORMS
  ruby

DEPENDENCIES
  dalli (= 2.0.5)
  haml (= 3.1.6)
  jruby-openssl
  json (= 1.7.3)
  maruku (= 0.6.0)
  nokogiri (= 1.5.4)
  rest-client (= 1.6.7)
  sinatra (= 1.3.2)
  torquebox-cache
